PATH
  remote: .
  specs:
    servicetrade (0.1.0)

GEM
  remote: https://rubygems.org/
  specs:
    addressable (2.8.7)
      public_suffix (>= 2.0.2, < 7.0)
    ast (2.4.2)
    bigdecimal (3.1.9)
    byebug (11.1.3)
    coderay (1.1.3)
    commander (4.6.0)
      highline (~> 2.0.0)
    crack (1.0.0)
      bigdecimal
      rexml
    hashdiff (1.1.2)
    highline (2.0.3)
    json (2.9.1)
    language_server-protocol (3.17.0.3)
    method_source (1.1.0)
    mocha (1.16.1)
    parallel (1.26.3)
    parlour (8.1.0)
      commander (~> 4.5)
      parser
      rainbow (~> 3.0)
      sorbet-runtime (>= 0.5)
    parser (3.3.6.0)
      ast (~> 2.4.1)
      racc
    power_assert (2.0.5)
    pry (0.14.2)
      coderay (~> 1.1)
      method_source (~> 1.0)
    pry-byebug (3.10.1)
      byebug (~> 11.0)
      pry (>= 0.13, < 0.15)
    public_suffix (5.1.1)
    racc (1.8.1)
    rack (3.1.8)
    rainbow (3.1.1)
    rake (13.2.1)
    regexp_parser (2.10.0)
    rexml (3.4.0)
    rubocop (1.57.2)
      json (~> 2.3)
      language_server-protocol (>= 3.17.0)
      parallel (~> 1.10)
      parser (>= 3.2.2.4)
      rainbow (>= 2.2.2, < 4.0)
      regexp_parser (>= 1.8, < 3.0)
      rexml (>= 3.2.5, < 4.0)
      rubocop-ast (>= 1.28.1, < 2.0)
      ruby-progressbar (~> 1.7)
      unicode-display_width (>= 2.4.0, < 3.0)
    rubocop-ast (1.37.0)
      parser (>= 3.3.1.0)
    ruby-progressbar (1.13.0)
    shoulda-context (2.0.0)
    sorbet (0.5.11708)
      sorbet-static (= 0.5.11708)
    sorbet-runtime (0.5.11708)
    sorbet-static (0.5.11708-universal-darwin)
    stringio (3.1.2)
    tapioca (0.4.3)
      parlour (>= 2.1.0)
      pry (>= 0.12.2)
      sorbet-runtime
      sorbet-static (>= 0.4.4471)
      thor (>= 0.19.2)
    test-unit (3.6.7)
      power_assert
    thor (1.3.2)
    unicode-display_width (2.6.0)
    webmock (3.24.0)
      addressable (>= 2.8.0)
      crack (>= 0.3.2)
      hashdiff (>= 0.4.0, < 2.0.0)

PLATFORMS
  arm64-darwin-21
  arm64-darwin-24

DEPENDENCIES
  byebug
  mocha (~> 1.16.0)
  pry
  pry-byebug
  rack (>= 2.0.6)
  rake
  rubocop (= 1.57.2)
  servicetrade!
  shoulda-context (= 2.0.0)
  sorbet
  stringio (~> 3.1.2)
  tapioca
  test-unit
  webmock (>= 3.8.0)

BUNDLED WITH
   2.4.22
